GEM
  remote: https://rubygems.org/
  specs:
    mini_portile (0.6.1)
    nokogiri (1.6.4.1)
      mini_portile (~> 0.6.0)
    open_uri_redirections (0.1.4)

PLATFORMS
  ruby

DEPENDENCIES
  nokogiri (~> 1.6.4.1)
  open_uri_redirections
